GEM
  remote: https://rubygems.org/
  specs:
    daemons (1.2.2)
    eventmachine (1.0.7)
    rack (1.5.2)
    rack-protection (1.5.3)
      rack
    sass (3.4.21)
    sinatra (1.4.7)
      rack (~> 1.5)
      rack-protection (~> 1.4)
      tilt (>= 1.3, < 3)
    thin (1.6.3)
      daemons (~> 1.0, >= 1.0.9)
      eventmachine (~> 1.0)
      rack (~> 1.0)
    tilt (2.0.2)

PLATFORMS
  x64-mingw32
  x86-mingw32

DEPENDENCIES
  sass
  sinatra (~> 1.4.7)
  thin

RUBY VERSION
   ruby 2.2.6p396

BUNDLED WITH
   1.15.3
